GEM
  remote: https://rubygems.org/
  specs:
    mini_portile (0.6.1)
    nokogiri (1.6.5)
      mini_portile (~> 0.6.0)
    nokogiri (1.6.5-java)
    nokogiri (1.6.5-x86-mingw32)
      mini_portile (~> 0.6.0)
    rubyzip (1.1.6)
    simple_xlsx_reader (1.0.1)
      nokogiri
      rubyzip

PLATFORMS
  java
  ruby
  x86-mingw32

DEPENDENCIES
  simple_xlsx_reader
